GEM
  remote: https://rubygems.org/
  specs:
    erubis (2.7.0)
    rack (2.0.3)

PLATFORMS
  ruby

DEPENDENCIES
  erubis (= 2.7.0)
  rack (= 2.0.3)

BUNDLED WITH
   1.15.3
