GEM
  remote: https://rubygems.org/
  specs:
    erubis (2.7.0)
    puma (3.9.1)
    rack (2.0.3)

PLATFORMS
  ruby

DEPENDENCIES
  erubis (= 2.7.0)
  puma
  rack (= 2.0.3)

RUBY VERSION
   ruby 2.4.1p111

BUNDLED WITH
   1.15.3
